GIT
  remote: git://github.com/middleman/middleman-blog.git
  revision: f1150cc9191a0e22f8606610b8fcd1bc3e182b52
  specs:
    middleman-blog (4.0.0.rc.1)
      addressable (~> 2.3.5)
      middleman-core (>= 4.0.0.rc.1)
      tzinfo (>= 0.3.0)

GEM
  remote: https://rubygems.org/
  specs:
    activesupport (4.2.4)
      i18n (~> 0.7)
      json (~> 1.7, >= 1.7.7)
      minitest (~> 5.1)
      thread_safe (~> 0.3, >= 0.3.4)
      tzinfo (~> 1.1)
    addressable (2.3.8)
    atomic (1.1.99)
    backports (3.6.7)
    coffee-script (2.4.1)
      coffee-script-source
      execjs
    coffee-script-source (1.9.1.1)
    compass-import-once (1.0.5)
      sass (>= 3.2, < 3.5)
    contracts (0.9)
    em-websocket (0.5.1)
      eventmachine (>= 0.12.9)
      http_parser.rb (~> 0.6.0)
    erubis (2.7.0)
    eventmachine (1.0.8)
    execjs (2.6.0)
    fastimage (1.6.8)
      addressable (~> 2.3, >= 2.3.5)
    ffi (1.9.10)
    haml (4.0.7)
      tilt
    hamster (1.0.0)
      atomic (~> 1.1)
    hashie (3.4.3)
    htmlcompressor (0.2.0)
    http_parser.rb (0.6.0)
    i18n (0.7.0)
    json (1.8.3)
    kramdown (1.9.0)
    listen (3.0.4)
      rb-fsevent (>= 0.9.3)
      rb-inotify (>= 0.9)
    middleman (4.0.0.rc.1)
      coffee-script (~> 2.2)
      compass-import-once (= 1.0.5)
      haml (>= 4.0.5)
      kramdown (~> 1.2)
      middleman-cli (= 4.0.0.rc.1)
      middleman-core (= 4.0.0.rc.1)
      sass (>= 3.4.0, < 4.0)
    middleman-cli (4.0.0.rc.1)
      thor (>= 0.17.0, < 2.0)
    middleman-core (4.0.0.rc.1)
      activesupport (~> 4.2.0)
      addressable (~> 2.3.5)
      backports (~> 3.6)
      bundler (~> 1.1)
      compass-import-once (~> 1.0.4)
      contracts (~> 0.9.0)
      erubis
      execjs (~> 2.0)
      fastimage (~> 1.6.2)
      hamster (~> 1.0)
      hashie (~> 3.4)
      i18n (~> 0.7.0)
      listen (~> 3.0)
      padrino-helpers (~> 0.12.3)
      rack (>= 1.4.5, < 2.0)
      sass (>= 3.3.4)
      tilt (~> 1.4.1)
      uglifier (~> 2.6)
    middleman-deploy (2.0.0.pre.alpha)
      middleman-core (>= 3.2)
      net-sftp
      ptools
    middleman-livereload (3.4.3)
      em-websocket (~> 0.5.1)
      middleman-core (>= 3.3)
      rack-livereload (~> 0.3.15)
    middleman-minify-html (3.4.1)
      htmlcompressor (~> 0.2.0)
      middleman-core (>= 3.2)
    minitest (5.8.2)
    net-sftp (2.1.2)
      net-ssh (>= 2.6.5)
    net-ssh (3.0.1)
    padrino-helpers (0.12.5)
      i18n (~> 0.6, >= 0.6.7)
      padrino-support (= 0.12.5)
      tilt (~> 1.4.1)
    padrino-support (0.12.5)
      activesupport (>= 3.1)
    ptools (1.3.3)
    rack (1.6.4)
    rack-livereload (0.3.16)
      rack
    rb-fsevent (0.9.6)
    rb-inotify (0.9.5)
      ffi (>= 0.5.0)
    rouge (1.10.1)
    sass (3.4.19)
    thor (0.19.1)
    thread_safe (0.3.5)
    tilt (1.4.1)
    tzinfo (1.2.2)
      thread_safe (~> 0.1)
    uglifier (2.7.2)
      execjs (>= 0.3.0)
      json (>= 1.8.0)

PLATFORMS
  ruby

DEPENDENCIES
  middleman (>= 4.0.0.rc.1)
  middleman-blog!
  middleman-deploy (>= 2.0.0.pre.alpha)
  middleman-livereload
  middleman-minify-html
  rouge
  tzinfo-data
  wdm (~> 0.1.0)

BUNDLED WITH
   1.10.6
